GEM
  remote: https://rubygems.org/
  specs:
    anthropic-sdk-beta (0.1.0.pre.beta.6)
      connection_pool
    connection_pool (2.5.1)

PLATFORMS
  arm64-darwin-24
  ruby

DEPENDENCIES
  anthropic-sdk-beta (~> 0.1.0.pre.beta.6)

BUNDLED WITH
   2.6.8
